PATH
  remote: .
  specs:
    lita-campfire (0.1)
      lita (~> 2.5.0)
      tinder (~> 1.9.0)

GEM
  remote: https://rubygems.org/
  specs:
    coveralls (0.6.9)
      multi_json (~> 1.3)
      rest-client
      simplecov (>= 0.7)
      term-ansicolor
      thor
    daemons (1.1.9)
    diff-lcs (1.2.4)
    eventmachine (1.0.3)
    faraday (0.8.8)
      multipart-post (~> 1.2.0)
    faraday_middleware (0.9.0)
      faraday (>= 0.7.4, < 0.9)
    hashie (2.0.5)
    http_parser.rb (0.5.3)
    json (1.8.0)
    lita (2.5.0)
      bundler (~> 1.3)
      faraday (~> 0.8.7)
      multi_json (~> 1.7.7)
      rack (~> 1.5.2)
      redis-namespace (~> 1.3.0)
      thin (~> 1.5.1)
      thor (~> 0.18.1)
    mime-types (1.25)
    multi_json (1.7.9)
    multipart-post (1.2.0)
    rack (1.5.2)
    rake (10.1.0)
    redis (3.0.5)
    redis-namespace (1.3.1)
      redis (~> 3.0.0)
    rest-client (1.6.7)
      mime-types (>= 1.16)
    rspec (2.14.1)
      rspec-core (~> 2.14.0)
      rspec-expectations (~> 2.14.0)
      rspec-mocks (~> 2.14.0)
    rspec-core (2.14.5)
    rspec-expectations (2.14.2)
      diff-lcs (>= 1.1.3, < 2.0)
    rspec-mocks (2.14.3)
    simple_oauth (0.1.9)
    simplecov (0.7.1)
      multi_json (~> 1.0)
      simplecov-html (~> 0.7.1)
    simplecov-html (0.7.1)
    term-ansicolor (1.2.2)
      tins (~> 0.8)
    thin (1.5.1)
      daemons (>= 1.0.9)
      eventmachine (>= 0.12.6)
      rack (>= 1.0.0)
    thor (0.18.1)
    tinder (1.9.3)
      eventmachine (~> 1.0)
      faraday (~> 0.8)
      faraday_middleware (~> 0.9)
      hashie (>= 1.0, < 3)
      json (~> 1.8.0)
      mime-types (~> 1.19)
      multi_json (~> 1.7)
      twitter-stream (~> 0.1)
    tins (0.9.0)
    twitter-stream (0.1.16)
      eventmachine (>= 0.12.8)
      http_parser.rb (~> 0.5.1)
      simple_oauth (~> 0.1.4)

PLATFORMS
  ruby

DEPENDENCIES
  bundler (~> 1.3)
  coveralls
  lita-campfire!
  rake
  rspec (~> 2.14)
  simplecov
